GEM
  remote: http://rubygems.org/
  remote: http://gemcutter.org/
  specs:
    actionmailer (2.3.5)
      actionpack (= 2.3.5)
    actionpack (2.3.5)
      activesupport (= 2.3.5)
      rack (~> 1.0.0)
    activerecord (2.3.5)
      activesupport (= 2.3.5)
    activeresource (2.3.5)
      activesupport (= 2.3.5)
    activesupport (2.3.5)
    devise (1.0.8)
      warden (~> 0.10.3)
    faker (0.3.1)
    has_scope (0.5.0)
    inherited_resources (1.0.6)
      has_scope (~> 0.5.0)
      responders (~> 0.4.6)
    machinist (1.0.6)
    nokogiri (1.4.3.1-x86-mingw32)
    rack (1.0.1)
    rack-test (0.5.6)
      rack (>= 1.0)
    rails (2.3.5)
      actionmailer (= 2.3.5)
      actionpack (= 2.3.5)
      activerecord (= 2.3.5)
      activeresource (= 2.3.5)
      activesupport (= 2.3.5)
      rake (>= 0.8.3)
    rake (0.8.7)
    responders (0.4.7)
    ruby-prof (0.8.1-x86-mingw32)
    shoulda (2.10.3)
    sqlite3-ruby (1.2.5-x86-mingw32)
    warden (0.10.7)
      rack (>= 1.0.0)
    webrat (0.7.2)
      nokogiri (>= 1.2.0)
      rack (>= 1.0)
      rack-test (>= 0.5.3)

PLATFORMS
  x86-mingw32

DEPENDENCIES
  devise (~> 1.0.6)
  faker (~> 0.3.1)
  inherited_resources (~> 1.0.6)
  machinist (~> 1.0.6)
  rack (~> 1.0.1)
  rails (~> 2.3.5)
  ruby-prof (= 0.8.1)
  shoulda (~> 2.10.3)
  sqlite3-ruby (~> 1.2.5)
  warden (~> 0.10.3)
  webrat (~> 0.7.1)
  sqlite3-ruby (~> 1.2.5)
